GEM
  remote: http://rubygems.org/
  specs:
    lockfile (2.1.0)

PLATFORMS
  ruby

DEPENDENCIES
  lockfile
