GEM
  remote: http://rubygems.org/
  specs:
    multi_json (1.0.3)
    rack (1.3.5)
    rack-test (0.6.1)
      rack (>= 1.0)
    test-unit (2.4.0)

PLATFORMS
  ruby

DEPENDENCIES
  multi_json
  rack
  rack-test
  test-unit
