GEM
  remote: http://rubygems.org/
  specs:
    activesupport (3.2.6)
      i18n (~> 0.6)
      multi_json (~> 1.0)
    hash-deep-merge (0.1.1)
    i18n (0.6.0)
    multi_json (1.3.6)
    rack (1.4.1)
    rack-test (0.6.1)
      rack (>= 1.0)
    rake (0.9.2.2)
    sqlite3 (1.3.6)
    test-unit (2.5.1)

PLATFORMS
  ruby

DEPENDENCIES
  activesupport
  hash-deep-merge
  multi_json
  rack
  rack-test
  rake
  sqlite3
  test-unit
