GEM
  remote: http://rubygems.org/
  specs:
    json (1.6.1)
    mimic (0.4.3)
      json
      plist
      rack
      sinatra
    multi_json (1.0.3)
    plist (3.1.0)
    rack (1.3.5)
    rack-protection (1.1.4)
      rack
    rack-test (0.6.1)
      rack (>= 1.0)
    sinatra (1.3.1)
      rack (~> 1.3, >= 1.3.4)
      rack-protection (~> 1.1, >= 1.1.2)
      tilt (~> 1.3, >= 1.3.3)
    test-unit (2.4.0)
    tilt (1.3.3)

PLATFORMS
  ruby

DEPENDENCIES
  mimic
  multi_json
  rack
  rack-test
  test-unit
